REDIRECTS: ON
FRAMEWORK: NET461
NUGET
  remote: https://www.nuget.org/api/v2
    Argu (3.7)
    FSharp.Compiler.Service (11.0.6)
      System.Collections.Immutable (>= 1.2)
      System.Reflection.Metadata (>= 1.4.1-beta-24227-04)
    FSharp.Compiler.Tools (4.1.17)
    FSharp.Configuration (0.6.4)
    FSharp.Core (4.1.0.2)
      System.ValueTuple (>= 4.3)
    FSharp.Data (2.3.2)
    Mono.Posix (4.0)
    NUnit (3.6.1)
    Suave (2.0.4)
      FSharp.Core (>= 4.0.0.1)
    System.Collections.Immutable (1.3.1)
    System.Net.Http (4.0)
    System.Reflection.Metadata (1.4.2)
      System.Collections.Immutable (>= 1.3.1)
    System.ValueTuple (4.3)
    Unquote (3.1.2)
GITHUB
  remote: matthid/Yaaf.FSharp.Scripting
    src/source/Yaaf.FSharp.Scripting/YaafFSharpScripting.fs (40ef4e32a115962436809666b6868693be6444c2)
GROUP Build
NUGET
  remote: https://www.nuget.org/api/v2
    FAKE (4.53)
