REDIRECTS: ON
RESTRICTION: == net461
NUGET
  remote: https://www.nuget.org/api/v2
    Argu (3.7)
    FSharp.Compiler.Service (14.0.2)
      System.Collections.Immutable (>= 1.2)
      System.Reflection.Metadata (>= 1.4.2)
    FSharp.Compiler.Tools (4.1.23)
    FSharp.Configuration (1.3)
      FSharp.Core (>= 4.0.0.1)
    FSharp.Core (4.2.3)
    FSharp.Data (2.3.3)
    Microsoft.NETCore.Platforms (2.0)
    Mono.Posix (4.0)
    NETStandard.Library (2.0)
      Microsoft.NETCore.Platforms (>= 1.1)
    NUnit (3.8.1)
    Suave (2.2.1)
      FSharp.Core (>= 4.0.0.1)
    System.Collections.Immutable (1.4)
      NETStandard.Library (>= 1.6.1)
    System.Net.Http (4.0)
    System.Reflection.Metadata (1.5)
      NETStandard.Library (>= 1.6.1)
      System.Collections.Immutable (>= 1.4)
    Unquote (3.2)
GITHUB
  remote: matthid/Yaaf.FSharp.Scripting
    src/source/Yaaf.FSharp.Scripting/YaafFSharpScripting.fs (cb0ca0f74e3f7356b88c5fd4246b0a4dbd2624eb)
GROUP Build
NUGET
  remote: https://www.nuget.org/api/v2
    FAKE (4.63)
