REDIRECTS: ON
FRAMEWORK: NET461
NUGET
  remote: https://www.nuget.org/api/v2
    Argu (3.7)
    FSharp.Compiler.Service (12.0.8)
      System.Collections.Immutable (>= 1.3.1)
      System.Reflection.Metadata (>= 1.4.2)
    FSharp.Compiler.Tools (4.1.17)
    FSharp.Configuration (1.2)
    FSharp.Core (4.2)
    FSharp.Data (2.3.3)
    Mono.Posix (4.0)
    NUnit (3.7)
    Suave (2.1)
      FSharp.Core (>= 4.0.0.1)
    System.Collections.Immutable (1.3.1)
    System.Net.Http (4.0)
    System.Reflection.Metadata (1.4.2)
      System.Collections.Immutable (>= 1.3.1)
    Unquote (3.2)
GITHUB
  remote: matthid/Yaaf.FSharp.Scripting
    src/source/Yaaf.FSharp.Scripting/YaafFSharpScripting.fs (40ef4e32a115962436809666b6868693be6444c2)
GROUP Build
NUGET
  remote: https://www.nuget.org/api/v2
    FAKE (4.61.3)
